GEM
  remote: http://rubygems.org/
  specs:
    activemodel (3.0.10)
      activesupport (= 3.0.10)
      builder (~> 2.1.2)
      i18n (~> 0.5.0)
    activesupport (3.0.10)
    addressable (2.2.6)
    bson (1.4.1)
    bson_ext (1.4.1)
    builder (2.1.2)
    choice (0.1.4)
    cijoe (0.9.2)
      choice
      json
      sinatra
      tinder (>= 1.4.0)
    daemons (1.1.4)
    diff-lcs (1.1.3)
    eventmachine (0.12.10)
    faraday (0.7.5)
      addressable (~> 2.2.6)
      multipart-post (~> 1.1.3)
      rack (>= 1.1.0, < 2)
    faraday_middleware (0.7.0)
      faraday (~> 0.7.3)
    grit (2.4.1)
      diff-lcs (~> 1.1)
      mime-types (~> 1.15)
    haml (3.1.3)
    hashie (1.2.0)
    http_parser.rb (0.5.3)
    http_router (0.8.11)
      rack (>= 1.0.0)
      url_mount (~> 0.2.1)
    i18n (0.5.0)
    json (1.6.1)
    kgio (2.6.0)
    mail (2.3.0)
      i18n (>= 0.4.0)
      mime-types (~> 1.16)
      treetop (~> 1.4.8)
    maruku (0.6.0)
      syntax (>= 1.0.0)
    mime-types (1.16)
    mongo (1.4.1)
      bson (= 1.4.1)
    mongo_mapper (0.9.2)
      activemodel (~> 3.0)
      activesupport (~> 3.0)
      plucky (~> 0.3.8)
    multi_json (1.0.3)
    multipart-post (1.1.3)
    padrino (0.10.0)
      padrino-admin (= 0.10.0)
      padrino-cache (= 0.10.0)
      padrino-core (= 0.10.0)
      padrino-gen (= 0.10.0)
      padrino-helpers (= 0.10.0)
      padrino-mailer (= 0.10.0)
    padrino-admin (0.10.0)
      padrino-core (= 0.10.0)
      padrino-helpers (= 0.10.0)
    padrino-cache (0.10.0)
      padrino-core (= 0.10.0)
    padrino-core (0.10.0)
      activesupport (~> 3.0.0)
      http_router (~> 0.8.10)
      sinatra (~> 1.2.6)
      thor (~> 0.14.3)
      tilt (~> 1.3.0)
    padrino-gen (0.10.0)
      bundler (~> 1.0.2)
      grit (~> 2.4.1)
      padrino-core (= 0.10.0)
    padrino-helpers (0.10.0)
      i18n (~> 0.5.0)
      padrino-core (= 0.10.0)
    padrino-mailer (0.10.0)
      mail (~> 2.3.0)
      padrino-core (= 0.10.0)
    plucky (0.3.8)
      mongo (~> 1.3)
    polyglot (0.3.2)
    rack (1.3.5)
    rack-flash (0.1.2)
      rack
    rack-test (0.6.1)
      rack (>= 1.0)
    raindrops (0.8.0)
    rake (0.9.2)
    redis (2.2.2)
    rspec (2.7.0)
      rspec-core (~> 2.7.0)
      rspec-expectations (~> 2.7.0)
      rspec-mocks (~> 2.7.0)
    rspec-core (2.7.0)
    rspec-expectations (2.7.0)
      diff-lcs (~> 1.1.2)
    rspec-mocks (2.7.0)
    simple_oauth (0.1.5)
    sinatra (1.2.7)
      rack (~> 1.1)
      tilt (>= 1.2.2, < 2.0)
    syntax (1.0.0)
    thin (1.2.11)
      daemons (>= 1.0.9)
      eventmachine (>= 0.12.6)
      rack (>= 1.0.0)
    thor (0.14.6)
    tilt (1.3.3)
    tinder (1.7.0)
      activesupport (>= 2.3, < 4)
      eventmachine (~> 0.12)
      faraday (>= 0.6, < 0.8)
      faraday_middleware (>= 0.6, < 0.8)
      hashie (~> 1.0)
      mime-types (~> 1.16)
      multi_json (~> 1.0)
      multipart-post (~> 1.1)
      twitter-stream (~> 0.1)
    treetop (1.4.10)
      polyglot
      polyglot (>= 0.3.1)
    twitter-stream (0.1.14)
      eventmachine (>= 0.12.8)
      http_parser.rb (~> 0.5.1)
      simple_oauth (~> 0.1.4)
    unicorn (4.1.1)
      kgio (~> 2.4)
      rack
      raindrops (~> 0.6)
    url_mount (0.2.1)
      rack

PLATFORMS
  ruby

DEPENDENCIES
  bson_ext
  cijoe
  haml
  maruku
  mongo_mapper
  padrino (= 0.10.0)
  rack-flash
  rack-test
  rake
  redis
  rspec
  thin
  unicorn
